GEM
  remote: https://rubygems.org/
  specs:
    ansi (1.4.3)
    builder (3.2.2)
    coderay (1.1.0)
    colorize (0.7.3)
    gosu (0.7.50)
    method_source (0.8.2)
    minitest (5.4.0)
    minitest-reporters (1.0.5)
      ansi
      builder
      minitest (>= 5.0)
      ruby-progressbar
    pry (0.10.0)
      coderay (~> 1.1.0)
      method_source (~> 0.8.1)
      slop (~> 3.4)
    rake (10.1.0)
    ruby-progressbar (1.5.1)
    slop (3.5.0)

PLATFORMS
  ruby

DEPENDENCIES
  colorize
  gosu
  minitest-reporters
  pry
  rake
